GIT
  remote: git@git.corp.adobe.com:reactor/adobe-io-ruby.git
  revision: f3d0a3fca8c1c6ce65162d9779ce8a5b25a9f661
  specs:
    adobe-io (0.5.0)
      dry-configurable
      jwt (~> 1.5.6)

GEM
  remote: https://rubygems.org/
  specs:
    activesupport-inflector (0.1.0)
    ast (2.4.0)
    byebug (10.0.2)
    coderay (1.1.2)
    concurrent-ruby (1.1.3)
    dry-configurable (0.7.0)
      concurrent-ruby (~> 1.0)
    fabrication (2.20.1)
    ffaker (2.10.0)
    httparty (0.16.3)
      mime-types (~> 3.0)
      multi_xml (>= 0.5.2)
    i18n (1.1.1)
      concurrent-ruby (~> 1.0)
    jaro_winkler (1.5.1)
    jwt (1.5.6)
    method_source (0.9.2)
    mime-types (3.2.2)
      mime-types-data (~> 3.2015)
    mime-types-data (3.2018.0812)
    multi_xml (0.6.0)
    parallel (1.12.1)
    parser (2.5.3.0)
      ast (~> 2.4.0)
    powerpack (0.1.2)
    pry (0.12.2)
      coderay (~> 1.1.0)
      method_source (~> 0.9.0)
    pry-byebug (3.6.0)
      byebug (~> 10.0)
      pry (~> 0.10)
    rainbow (3.0.0)
    rubocop (0.61.1)
      jaro_winkler (~> 1.5.1)
      parallel (~> 1.10)
      parser (>= 2.5, != 2.5.1.1)
      powerpack (~> 0.1)
      rainbow (>= 2.2.2, < 4.0)
      ruby-progressbar (~> 1.7)
      unicode-display_width (~> 1.4.0)
    ruby-progressbar (1.10.0)
    unicode-display_width (1.4.0)

PLATFORMS
  ruby

DEPENDENCIES
  activesupport-inflector
  adobe-io!
  fabrication
  ffaker
  httparty
  i18n
  pry-byebug
  rubocop

BUNDLED WITH
   1.16.6
